NUGET
  remote: https://nuget.org/api/v2
  specs:
    FParsec (1.0.2)
    FSharp.Core (4.0.0.1)
    xunit (1.9.2)
    xunit.runners (1.9.2)
